GEM
  remote: https://rubygems.org/
  specs:
    coderay (1.1.0)
    cuba (3.3.0)
      rack
    daemons (1.1.9)
    dotenv (0.11.1)
      dotenv-deployment (~> 0.0.2)
    dotenv-deployment (0.0.2)
    eventmachine (1.0.3)
    faraday (0.9.0)
      multipart-post (>= 1.2, < 3)
    faraday_middleware (0.9.1)
      faraday (>= 0.7.4, < 0.10)
    foreman (0.75.0)
      dotenv (~> 0.11.1)
      thor (~> 0.19.1)
    haml (4.0.5)
      tilt
    hashie (3.3.1)
    kgio (2.9.2)
    method_source (0.8.2)
    multipart-post (2.0.0)
    pry (0.10.1)
      coderay (~> 1.1.0)
      method_source (~> 0.8.1)
      slop (~> 3.4)
    rack (1.5.2)
    rack-livereload (0.3.15)
      rack
    raindrops (0.13.0)
    rb-fsevent (0.9.4)
    sass (3.4.2)
    shotgun (0.9)
      rack (>= 1.0)
    slop (3.6.0)
    thin (1.6.2)
      daemons (>= 1.0.9)
      eventmachine (>= 1.0.0)
      rack (>= 1.0.0)
    thor (0.19.1)
    tilt (1.4.1)
    traitify (1.5.0)
      faraday (~> 0.9.0)
      faraday_middleware (~> 0.9.0)
      hashie
    unicorn (4.8.3)
      kgio (~> 2.6)
      rack
      raindrops (~> 0.7)

PLATFORMS
  ruby

DEPENDENCIES
  cuba
  foreman
  haml
  pry
  rack-livereload
  rb-fsevent
  sass
  shotgun
  thin
  traitify
  unicorn
