GEM
  remote: https://rubygems.org/
  specs:
    activesupport-inflector (0.1.0)
    coderay (1.1.0)
    cuba (0.1.0)
      rack (~> 1.2)
      tilt (~> 1.1)
    daemons (1.1.9)
    dotenv (1.0.2)
    eventmachine (1.0.3)
    foreman (0.76.0)
      dotenv (~> 1.0.2)
      thor (~> 0.19.1)
    haml (4.0.6)
      tilt
    i18n (0.6.11)
    kgio (2.9.2)
    method_source (0.8.2)
    pry (0.10.1)
      coderay (~> 1.1.0)
      method_source (~> 0.8.1)
      slop (~> 3.4)
    rack (1.5.2)
    rack-livereload (0.3.15)
      rack
    rack-test (0.6.2)
      rack (>= 1.0)
    raindrops (0.13.0)
    rb-fsevent (0.9.4)
    sass (3.4.9)
    shotgun (0.9)
      rack (>= 1.0)
    slop (3.6.0)
    thin (1.6.3)
      daemons (~> 1.0, >= 1.0.9)
      eventmachine (~> 1.0)
      rack (~> 1.0)
    thor (0.19.1)
    tilt (1.4.1)
    unicorn (4.8.3)
      kgio (~> 2.6)
      rack
      raindrops (~> 0.7)

PLATFORMS
  ruby

DEPENDENCIES
  activesupport-inflector (= 0.1.0)
  cuba (= 0.1.0)
  foreman (= 0.76.0)
  haml (= 4.0.6)
  i18n (= 0.6.11)
  pry
  rack-livereload
  rack-test
  rb-fsevent
  sass (= 3.4.9)
  shotgun
  thin
  unicorn
